PATH
  remote: .
  specs:
    dinero_mail_ipn (0.1.0)
      httparty (~> 0.8.1)
      nokogiri (~> 1.5.0)

GEM
  remote: http://rubygems.org/
  specs:
    fakeweb (1.3.0)
    httparty (0.8.1)
      multi_json
      multi_xml
    multi_json (1.0.4)
    multi_xml (0.4.1)
    nokogiri (1.5.0)
    shoulda (2.11.3)

PLATFORMS
  ruby

DEPENDENCIES
  dinero_mail_ipn!
  fakeweb (~> 1.3.0)
  shoulda (~> 2.11.3)
