PATH
  remote: .
  specs:
    hrbg_dinero_mail_ipn (1.0.2)
      httparty (~> 0.8.1)
      nokogiri (~> 1.5.0)

GEM
  remote: http://rubygems.org/
  specs:
    fakeweb (1.3.0)
    httparty (0.8.1)
      multi_json
      multi_xml
    multi_json (1.0.4)
    multi_xml (0.4.1)
    nokogiri (1.5.0)
    redcarpet (2.0.1)
    shoulda (2.11.3)
    yard (0.7.4)

PLATFORMS
  ruby

DEPENDENCIES
  fakeweb (~> 1.3.0)
  hrbg_dinero_mail_ipn!
  redcarpet (~> 2.0.1)
  shoulda (~> 2.11.3)
  yard (~> 0.7.4)
