PATH
  remote: .
  specs:
    dinero_mail_ipn (2.0.1)
      chronic
      httparty (~> 0.8.1)
      nokogiri (~> 1.5.0)

GEM
  remote: http://rubygems.org/
  specs:
    chronic (0.8.0)
    coderay (1.0.8)
    fakeweb (1.3.0)
    httparty (0.8.1)
      multi_json
      multi_xml
    method_source (0.8.1)
    multi_json (1.0.4)
    multi_xml (0.4.1)
    nokogiri (1.5.0)
    pry (0.9.10)
      coderay (~> 1.0.5)
      method_source (~> 0.8)
      slop (~> 3.3.1)
    rake (0.9.2.2)
    redcarpet (2.0.1)
    shoulda (2.11.3)
    slop (3.3.3)
    yard (0.7.4)

PLATFORMS
  ruby

DEPENDENCIES
  dinero_mail_ipn!
  fakeweb (~> 1.3.0)
  pry
  rake
  redcarpet (~> 2.0.1)
  shoulda (~> 2.11.3)
  yard (~> 0.7.4)
